GEM
  remote: https://rubygems.org/
  specs:
    childprocess (0.9.0)
      ffi (~> 1.0, >= 1.0.11)
    ffi (1.9.23)
    poleica (0.10.4)
      childprocess

PLATFORMS
  ruby

DEPENDENCIES
  poleica

BUNDLED WITH
   1.16.1
